GEM
  remote: http://rubygems.org/
  remote: http://gems.github.com/
  specs:
    actionmailer (2.3.5)
      actionpack (= 2.3.5)
    actionpack (2.3.5)
      activesupport (= 2.3.5)
      rack (~> 1.0.0)
    activerecord (2.3.5)
      activesupport (= 2.3.5)
    activeresource (2.3.5)
      activesupport (= 2.3.5)
    activesupport (2.3.5)
    authlogic (2.1.3)
      activesupport
    builder (3.0.0)
    capybara (0.2.0)
      culerity (>= 0.2.4)
      nokogiri (>= 1.3.3)
      rack (>= 1.0.0)
      rack-test (>= 0.5.2)
      selenium-webdriver (>= 0.0.3)
    childprocess (0.1.9)
      ffi (~> 1.0.6)
    columnize (0.3.3)
    cucumber (0.6.2)
      builder (>= 2.1.2)
      diff-lcs (>= 1.1.2)
      json_pure (>= 1.2.0)
      polyglot (>= 0.2.9)
      term-ansicolor (>= 1.0.4)
      treetop (>= 1.4.2)
    cucumber-rails (0.2.3)
      cucumber (>= 0.5.1)
    culerity (0.2.15)
    database_cleaner (0.2.3)
    diff-lcs (1.1.2)
    factory_girl (1.2.3)
    ffi (1.0.9)
    haml (2.2.17)
    i18n (0.3.3)
    json_pure (1.5.1)
    linecache (0.45)
    mime-types (1.15)
    nokogiri (1.4.4)
    polyglot (0.3.1)
    rack (1.0.1)
    rack-test (0.6.0)
      rack (>= 1.0)
    rails (2.3.5)
      actionmailer (= 2.3.5)
      actionpack (= 2.3.5)
      activerecord (= 2.3.5)
      activeresource (= 2.3.5)
      activesupport (= 2.3.5)
      rake (>= 0.8.3)
    rake (0.8.7)
    resource_controller (0.6.6)
    rspec (1.3.0)
    rspec-rails (1.3.1)
      rack (>= 1.0.0)
      rspec (>= 1.3.0)
    ruby-debug (0.10.3)
      columnize (>= 0.1)
      ruby-debug-base (~> 0.10.3.0)
    ruby-debug-base (0.10.3)
      linecache (>= 0.3)
    rubyzip (0.9.4)
    selenium-webdriver (0.2.1)
      childprocess (>= 0.1.7)
      ffi (>= 1.0.7)
      json_pure
      rubyzip
    sqlite3-ruby (1.2.5)
    term-ansicolor (1.0.5)
    tmail (1.2.0)
    treetop (1.4.9)
      polyglot (>= 0.3.1)
    tzinfo (0.3.16)

PLATFORMS
  ruby

DEPENDENCIES
  authlogic (= 2.1.3)
  capybara (= 0.2.0)
  cucumber (= 0.6.2)
  cucumber-rails (= 0.2.3)
  database_cleaner (= 0.2.3)
  factory_girl (= 1.2.3)
  haml (= 2.2.17)
  i18n (= 0.3.3)
  mime-types (= 1.15)
  rails (= 2.3.5)
  rake (= 0.8.7)
  resource_controller (= 0.6.6)
  rspec (= 1.3.0)
  rspec-rails (= 1.3.1)
  ruby-debug (= 0.10.3)
  sqlite3-ruby (= 1.2.5)
  tmail (= 1.2.0)
  tzinfo (= 0.3.16)
